GIT
  remote: git://github.com/rails-api/active_model_serializers.git
  revision: 4432257cb828c762aca9e025e5106c458766e917
  branch: 0-9-stable
  specs:
    active_model_serializers (0.9.5)
      activemodel (>= 3.2)

GIT
  remote: git://github.com/resque/resque.git
  revision: 835a4a7e61a2e33832dbf11975ecfab54af293c6
  specs:
    resque (1.27.0)
      mono_logger (~> 1.0)
      multi_json (~> 1.0)
      redis-namespace (~> 1.3)
      sinatra (>= 0.9.2)
      vegas (~> 0.1.2)

GIT
  remote: https://bitbucket.org/irfanfadilah/parse-ruby-client.git
  revision: 66ea5392cb5c6fcdcc9209bb4ecd8766c9e819ef
  specs:
    parse-ruby-client (0.3.0)
      faraday
      faraday_middleware

GIT
  remote: https://github.com/lyang/braintree-rails.git
  revision: 7dbe3eac3549e25d0d602747a435832528b31ccf
  branch: master
  specs:
    braintree-rails (1.4.1)
      activemodel (>= 3.0, < 5.1)
      activesupport (>= 3.0, < 5.1)
      braintree (>= 2.28.0, < 3)

GEM
  remote: https://rubygems.org/
  specs:
    Ascii85 (1.0.2)
    CFPropertyList (2.3.4)
    actionmailer (3.2.19)
      actionpack (= 3.2.19)
      mail (~> 2.5.4)
    actionpack (3.2.19)
      activemodel (= 3.2.19)
      activesupport (= 3.2.19)
      builder (~> 3.0.0)
      erubis (~> 2.7.0)
      journey (~> 1.0.4)
      rack (~> 1.4.5)
      rack-cache (~> 1.2)
      rack-test (~> 0.6.1)
      sprockets (~> 2.2.1)
    activemodel (3.2.19)
      activesupport (= 3.2.19)
      builder (~> 3.0.0)
    activerecord (3.2.19)
      activemodel (= 3.2.19)
      activesupport (= 3.2.19)
      arel (~> 3.0.2)
      tzinfo (~> 0.3.29)
    activeresource (3.2.19)
      activemodel (= 3.2.19)
      activesupport (= 3.2.19)
    activesupport (3.2.19)
      i18n (~> 0.6, >= 0.6.4)
      multi_json (~> 1.0)
    acts_as_strip (1.1.0)
    addressable (2.5.0)
      public_suffix (~> 2.0, >= 2.0.2)
    afm (0.2.2)
    amoeba (3.0.0)
      activerecord (>= 3.2.6)
    arel (3.0.3)
    awesome_print (1.7.0)
    aws_cf_signer (0.1.3)
    axlsx (2.0.1)
      htmlentities (~> 4.3.1)
      nokogiri (>= 1.4.1)
      rubyzip (~> 1.0.0)
    bcrypt (3.1.11)
    bcrypt-ruby (3.1.5)
      bcrypt (>= 3.1.3)
    better_errors (2.1.1)
      coderay (>= 1.0.0)
      erubis (>= 2.6.6)
      rack (>= 0.9.0)
    binding_of_caller (0.7.2)
      debug_inspector (>= 0.0.1)
    bootstrap-datepicker-rails (1.6.4.1)
      railties (>= 3.0)
    bootstrap-timepicker-rails (0.1.3)
      railties (>= 3.0)
    braintree (2.69.1)
      builder (>= 2.0.0)
    brakeman (3.4.1)
    buftok (0.2.0)
    bugsnag (5.0.1)
    builder (3.0.4)
    byebug (9.0.6)
    callsite (0.0.11)
    cancan (1.6.10)
    capistrano (3.2.1)
      i18n
      rake (>= 10.0.0)
      sshkit (~> 1.3)
    capistrano-bundler (1.2.0)
      capistrano (~> 3.1)
      sshkit (~> 1.2)
    capistrano-ext (1.2.1)
      capistrano (>= 1.0.0)
    capistrano-rails (1.2.1)
      capistrano (~> 3.1)
      capistrano-bundler (~> 1.1)
    capistrano-resque (0.2.3)
      capistrano
      resque
      resque-scheduler
    capistrano-rvm (0.1.2)
      capistrano (~> 3.0)
      sshkit (~> 1.2)
    capistrano-sidekiq (0.10.0)
      capistrano
      sidekiq (>= 3.4)
    carrierwave (0.11.2)
      activemodel (>= 3.2.0)
      activesupport (>= 3.2.0)
      json (>= 1.7)
      mime-types (>= 1.16)
      mimemagic (>= 0.3.0)
    chronic (0.10.2)
    chunky_png (1.3.8)
    cloudinary (1.3.0)
      aws_cf_signer
      rest-client
    coderay (1.1.1)
    coffee-rails (3.2.2)
      coffee-script (>= 2.2.0)
      railties (~> 3.2.0)
    coffee-script (2.4.1)
      coffee-script-source
      execjs
    coffee-script-source (1.12.2)
    commonjs (0.2.7)
    concurrent-ruby (1.0.3)
    connection_pool (2.2.1)
    copy_carrierwave_file (1.3.0)
      carrierwave (>= 0.9)
    daemons (1.2.4)
    debug_inspector (0.0.2)
    decent_exposure (2.3.3)
    devise (2.2.3)
      bcrypt-ruby (~> 3.0)
      orm_adapter (~> 0.1)
      railties (~> 3.1)
      warden (~> 1.2.1)
    diff-lcs (1.2.5)
    domain_name (0.5.20161129)
      unf (>= 0.0.5, < 1.0.0)
    equalizer (0.0.11)
    erubis (2.7.0)
    eventmachine (1.2.1)
    excon (0.54.0)
    execjs (2.7.0)
    faraday (0.10.0)
      multipart-post (>= 1.2, < 3)
    faraday_middleware (0.10.1)
      faraday (>= 0.7.4, < 1.0)
    fastimage (2.0.1)
      addressable (~> 2)
    fcm (0.0.2)
      httparty
      json
    figaro (1.1.1)
      thor (~> 0.14)
    fission (0.5.0)
      CFPropertyList (~> 2.2)
    fog (1.38.0)
      fog-aliyun (>= 0.1.0)
      fog-atmos
      fog-aws (>= 0.6.0)
      fog-brightbox (~> 0.4)
      fog-cloudatcost (~> 0.1.0)
      fog-core (~> 1.32)
      fog-dynect (~> 0.0.2)
      fog-ecloud (~> 0.1)
      fog-google (<= 0.1.0)
      fog-json
      fog-local
      fog-openstack
      fog-powerdns (>= 0.1.1)
      fog-profitbricks
      fog-rackspace
      fog-radosgw (>= 0.0.2)
      fog-riakcs
      fog-sakuracloud (>= 0.0.4)
      fog-serverlove
      fog-softlayer
      fog-storm_on_demand
      fog-terremark
      fog-vmfusion
      fog-voxel
      fog-vsphere (>= 0.4.0)
      fog-xenserver
      fog-xml (~> 0.1.1)
      ipaddress (~> 0.5)
    fog-aliyun (0.1.0)
      fog-core (~> 1.27)
      fog-json (~> 1.0)
      ipaddress (~> 0.8)
      xml-simple (~> 1.1)
    fog-atmos (0.1.0)
      fog-core
      fog-xml
    fog-aws (1.1.0)
      fog-core (~> 1.38)
      fog-json (~> 1.0)
      fog-xml (~> 0.1)
      ipaddress (~> 0.8)
    fog-brightbox (0.11.0)
      fog-core (~> 1.22)
      fog-json
      inflecto (~> 0.0.2)
    fog-cloudatcost (0.1.2)
      fog-core (~> 1.36)
      fog-json (~> 1.0)
      fog-xml (~> 0.1)
      ipaddress (~> 0.8)
    fog-core (1.43.0)
      builder
      excon (~> 0.49)
      formatador (~> 0.2)
    fog-dynect (0.0.3)
      fog-core
      fog-json
      fog-xml
    fog-ecloud (0.3.0)
      fog-core
      fog-xml
    fog-google (0.1.0)
      fog-core
      fog-json
      fog-xml
    fog-json (1.0.2)
      fog-core (~> 1.0)
      multi_json (~> 1.10)
    fog-local (0.3.1)
      fog-core (~> 1.27)
    fog-openstack (0.1.18)
      fog-core (>= 1.40)
      fog-json (>= 1.0)
      ipaddress (>= 0.8)
    fog-powerdns (0.1.1)
      fog-core (~> 1.27)
      fog-json (~> 1.0)
      fog-xml (~> 0.1)
    fog-profitbricks (3.0.0)
      fog-core (~> 1.42)
      fog-json (~> 1.0)
    fog-rackspace (0.1.2)
      fog-core (>= 1.35)
      fog-json (>= 1.0)
      fog-xml (>= 0.1)
      ipaddress (>= 0.8)
    fog-radosgw (0.0.5)
      fog-core (>= 1.21.0)
      fog-json
      fog-xml (>= 0.0.1)
    fog-riakcs (0.1.0)
      fog-core
      fog-json
      fog-xml
    fog-sakuracloud (1.7.5)
      fog-core
      fog-json
    fog-serverlove (0.1.2)
      fog-core
      fog-json
    fog-softlayer (1.1.4)
      fog-core
      fog-json
    fog-storm_on_demand (0.1.1)
      fog-core
      fog-json
    fog-terremark (0.1.0)
      fog-core
      fog-xml
    fog-vmfusion (0.1.0)
      fission
      fog-core
    fog-voxel (0.1.0)
      fog-core
      fog-xml
    fog-vsphere (1.2.1)
      fog-core
      rbvmomi (~> 1.8.0)
    fog-xenserver (0.2.3)
      fog-core
      fog-xml
    fog-xml (0.1.2)
      fog-core
      nokogiri (~> 1.5, >= 1.5.11)
    font-awesome-rails (4.7.0.1)
      railties (>= 3.2, < 5.1)
    foreman (0.82.0)
      thor (~> 0.19.1)
    formatador (0.2.5)
    friendly_id (4.0.10.1)
      activerecord (>= 3.0, < 4.0)
    geocoder (1.2.14)
    git-version-bump (0.15.1)
    gmaps4rails (2.1.2)
    google_places (0.32.0)
      httparty (~> 0.13.1)
    groupdate (3.1.1)
      activesupport (>= 3)
    hashery (2.1.2)
    hike (1.2.3)
    htmlentities (4.3.4)
    http (2.1.0)
      addressable (~> 2.3)
      http-cookie (~> 1.0)
      http-form_data (~> 1.0.1)
      http_parser.rb (~> 0.6.0)
    http-cookie (1.0.3)
      domain_name (~> 0.5)
    http-form_data (1.0.1)
    http_parser.rb (0.6.0)
    httparty (0.13.7)
      json (~> 1.8)
      multi_xml (>= 0.5.2)
    httpauth (0.2.1)
    i18n (0.7.0)
    inflecto (0.0.2)
    ipaddress (0.8.3)
    jcrop-rails-v2 (0.9.12.3)
    journey (1.0.4)
    jquery-cookie-rails (1.3.1.1)
      railties (>= 3.2.0, < 5.0)
    jquery-migrate-rails (1.2.1)
    jquery-rails (3.0.4)
      railties (>= 3.0, < 5.0)
      thor (>= 0.14, < 2.0)
    jquery-tablesorter (1.23.3)
      railties (>= 3.2, < 6)
    jquery-ui-rails (4.2.1)
      railties (>= 3.2.16)
    jquery-validation-rails (1.15.0.0)
    json (1.8.3)
    jwt (0.1.13)
      multi_json (>= 1.5)
    kaminari (0.17.0)
      actionpack (>= 3.0.0)
      activesupport (>= 3.0.0)
    kgio (2.11.0)
    launchy (2.4.3)
      addressable (~> 2.3)
    less (2.6.0)
      commonjs (~> 0.2.7)
    less-rails (2.6.0)
      actionpack (>= 3.1)
      less (~> 2.6.0)
    letter_opener (1.4.1)
      launchy (~> 2.2)
    libv8 (3.16.14.17)
    mail (2.5.4)
      mime-types (~> 1.16)
      treetop (~> 1.4.8)
    mandrill-api (1.0.53)
      excon (>= 0.16.0, < 1.0)
      json (>= 1.7.7, < 2.0)
    mandrill_mailer (1.1.0)
      actionpack
      activesupport
      mandrill-api (~> 1.0.9)
    masked_input-rails (1.1.0)
      railties (~> 3.1)
    memoizable (0.4.2)
      thread_safe (~> 0.3, >= 0.3.1)
    meta_request (0.4.0)
      callsite (~> 0.0, >= 0.0.11)
      rack-contrib (~> 1.1)
      railties (>= 3.0.0, < 5.1.0)
    method_source (0.8.2)
    mime-types (1.25.1)
    mimemagic (0.3.2)
    mini_magick (4.6.0)
    mini_portile2 (2.1.0)
    mono_logger (1.1.0)
    multi_json (1.12.1)
    multi_xml (0.6.0)
    multipart-post (2.0.0)
    mysql2 (0.3.21)
    naught (1.1.0)
    nested_form (0.3.2)
    net-scp (1.2.1)
      net-ssh (>= 2.6.5)
    net-ssh (3.2.0)
    netrc (0.11.0)
    newrelic_rpm (3.17.2.327)
    nokogiri (1.6.8.1)
      mini_portile2 (~> 2.1.0)
    oauth2 (0.9.2)
      faraday (~> 0.8)
      httpauth (~> 0.2)
      jwt (~> 0.1.4)
      multi_json (~> 1.0)
      multi_xml (~> 0.5)
      rack (~> 1.2)
    orm_adapter (0.5.0)
    pdf-reader (1.4.0)
      Ascii85 (~> 1.0.0)
      afm (~> 0.2.1)
      hashery (~> 2.0)
      ruby-rc4
      ttfunk
    piet (0.2.4)
      png_quantizator
    png_quantizator (0.2.1)
    polyglot (0.3.5)
    power_assert (0.4.1)
    prawn (0.13.1)
      pdf-reader (~> 1.2)
      ruby-rc4
      ttfunk (~> 1.0.3)
    pry (0.10.4)
      coderay (~> 1.1.0)
      method_source (~> 0.8.1)
      slop (~> 3.4)
    pry-byebug (3.4.2)
      byebug (~> 9.0)
      pry (~> 0.10)
    pry-remote (0.1.8)
      pry (~> 0.9)
      slop (~> 3.0)
    pry-stack_explorer (0.4.9.2)
      binding_of_caller (>= 0.7)
      pry (>= 0.9.11)
    public_suffix (2.0.4)
    pushmeup (0.3.0)
      httparty
      json
    quiet_assets (1.1.0)
      railties (>= 3.1, < 5.0)
    rabl (0.13.1)
      activesupport (>= 2.3.14)
    rack (1.4.7)
    rack-cache (1.6.1)
      rack (>= 0.4)
    rack-contrib (1.4.0)
      git-version-bump (~> 0.15)
      rack (~> 1.4)
    rack-protection (1.5.3)
      rack
    rack-ssl (1.3.4)
      rack
    rack-test (0.6.3)
      rack (>= 1.0)
    rails (3.2.19)
      actionmailer (= 3.2.19)
      actionpack (= 3.2.19)
      activerecord (= 3.2.19)
      activeresource (= 3.2.19)
      activesupport (= 3.2.19)
      bundler (~> 1.0)
      railties (= 3.2.19)
    railties (3.2.19)
      actionpack (= 3.2.19)
      activesupport (= 3.2.19)
      rack-ssl (~> 1.3.2)
      rake (>= 0.8.7)
      rdoc (~> 3.4)
      thor (>= 0.14.6, < 2.0)
    raindrops (0.17.0)
    rake (10.3.2)
    rb-readline (0.5.3)
    rbvmomi (1.8.2)
      builder
      nokogiri (>= 1.4.1)
      trollop
    rdoc (3.12.2)
      json (~> 1.4)
    redactor-rails (0.5.0)
      devise
      mime-types
      orm_adapter
    redis (3.3.2)
    redis-namespace (1.5.2)
      redis (~> 3.0, >= 3.0.4)
    ref (2.0.0)
    remotipart (1.3.1)
    resque-loner (1.3.0)
      resque (~> 1.0)
    resque-scheduler (3.1.0)
      mono_logger (~> 1.0)
      redis (~> 3.0)
      resque (~> 1.25)
      rufus-scheduler (~> 2.0)
    resque-status (0.5.0)
      resque (~> 1.19)
    rest-client (2.0.0)
      http-cookie (>= 1.0.2, < 2.0)
      mime-types (>= 1.16, < 4.0)
      netrc (~> 0.8)
    rmagick (2.16.0)
    rqrcode (0.10.1)
      chunky_png (~> 1.0)
    rspec-core (3.5.4)
      rspec-support (~> 3.5.0)
    rspec-expectations (3.5.0)
      diff-lcs (>= 1.2.0, < 2.0)
      rspec-support (~> 3.5.0)
    rspec-mocks (3.5.0)
      diff-lcs (>= 1.2.0, < 2.0)
      rspec-support (~> 3.5.0)
    rspec-rails (3.5.2)
      actionpack (>= 3.0)
      activesupport (>= 3.0)
      railties (>= 3.0)
      rspec-core (~> 3.5.0)
      rspec-expectations (~> 3.5.0)
      rspec-mocks (~> 3.5.0)
      rspec-support (~> 3.5.0)
    rspec-support (3.5.0)
    ruby-progressbar (1.8.1)
    ruby-rc4 (0.1.5)
    rubyzip (1.0.0)
    rufus-scheduler (2.0.24)
      tzinfo (>= 0.3.22)
    sass (3.4.23)
    sass-rails (3.2.6)
      railties (~> 3.2.0)
      sass (>= 3.1.10)
      tilt (~> 1.3)
    shoulda-matchers (2.8.0)
      activesupport (>= 3.0.0)
    sidekiq (4.2.7)
      concurrent-ruby (~> 1.0)
      connection_pool (~> 2.2, >= 2.2.0)
      rack-protection (>= 1.5.0)
      redis (~> 3.2, >= 3.2.1)
    similar_text (0.0.4)
    simple_oauth (0.3.1)
    sinatra (1.4.6)
      rack (~> 1.4)
      rack-protection (~> 1.4)
      tilt (>= 1.3, < 3)
    slim (3.0.7)
      temple (~> 0.7.6)
      tilt (>= 1.3.3, < 2.1)
    slim-rails (3.1.1)
      actionpack (>= 3.1)
      railties (>= 3.1)
      slim (~> 3.0)
    slop (3.6.0)
    spring (1.7.2)
    spring-commands-rspec (1.0.4)
      spring (>= 0.9.1)
    sprockets (2.2.3)
      hike (~> 1.2)
      multi_json (~> 1.0)
      rack (~> 1.0)
      tilt (~> 1.1, != 1.3.0)
    sshkit (1.11.5)
      net-scp (>= 1.1.2)
      net-ssh (>= 2.8.0)
    temple (0.7.7)
    test-unit (3.2.3)
      power_assert
    therubyracer (0.12.2)
      libv8 (~> 3.16.14.0)
      ref
    thin (1.7.0)
      daemons (~> 1.0, >= 1.0.9)
      eventmachine (~> 1.0, >= 1.0.4)
      rack (>= 1, < 3)
    thor (0.19.4)
    thread_safe (0.3.5)
    tilt (1.4.1)
    treetop (1.4.15)
      polyglot
      polyglot (>= 0.3.1)
    trollop (2.1.2)
    ttfunk (1.0.3)
    twitter (6.0.0)
      addressable (~> 2.5)
      buftok (~> 0.2.0)
      equalizer (= 0.0.11)
      faraday (~> 0.10.0)
      http (~> 2.1)
      http_parser.rb (~> 0.6.0)
      memoizable (~> 0.4.2)
      naught (~> 1.1)
      simple_oauth (~> 0.3.1)
    twitter-bootstrap-rails (3.2.2)
      actionpack (>= 3.1)
      execjs (>= 2.2.2, >= 2.2)
      less-rails (>= 2.5.0)
      railties (>= 3.1)
    tzinfo (0.3.52)
    uglifier (3.0.4)
      execjs (>= 0.3.0, < 3)
    underscore-rails (1.8.3)
    unf (0.1.4)
      unf_ext
    unf_ext (0.0.7.2)
    unicorn (5.2.0)
      kgio (~> 2.6)
      raindrops (~> 0.7)
    vegas (0.1.11)
      rack (>= 1.0.0)
    vidibus-routing_error (0.2.2)
    warden (1.2.6)
      rack (>= 1.0)
    whenever (0.9.7)
      chronic (>= 0.6.3)
    wicked (1.3.1)
      railties (>= 3.0.7)
    wicked_pdf (1.1.0)
    wkhtmltopdf-binary (0.12.3.1)
    word-count-validator (1.0.0)
    xml-simple (1.1.5)

PLATFORMS
  ruby

DEPENDENCIES
  active_model_serializers!
  acts_as_strip
  amoeba
  awesome_print
  axlsx (= 2.0.1)
  better_errors
  binding_of_caller
  bootstrap-datepicker-rails (>= 0.6.21)
  bootstrap-timepicker-rails
  braintree-rails!
  brakeman
  bugsnag
  cancan
  capistrano (~> 3.2.0)
  capistrano-ext
  capistrano-rails (~> 1.1)
  capistrano-resque (~> 0.2.2)
  capistrano-rvm
  capistrano-sidekiq
  carrierwave
  cloudinary
  coffee-rails (~> 3.2.1)
  copy_carrierwave_file
  daemons
  decent_exposure
  devise (= 2.2.3)
  execjs
  fastimage
  fcm (~> 0.0.2)
  figaro
  fog
  font-awesome-rails
  foreman
  friendly_id (~> 4.0.9)
  geocoder (~> 1.2.7)
  gmaps4rails
  google_places
  groupdate
  jcrop-rails-v2 (~> 0.9.12.3)
  jquery-cookie-rails
  jquery-migrate-rails
  jquery-rails (~> 3.0.4)
  jquery-tablesorter
  jquery-ui-rails (~> 4.2.1)
  jquery-validation-rails
  kaminari
  less-rails
  letter_opener
  mandrill_mailer
  masked_input-rails
  meta_request
  mini_magick
  mysql2 (~> 0.3.10)
  nested_form
  newrelic_rpm
  oauth2
  parse-ruby-client!
  piet
  png_quantizator
  prawn (= 0.13.1)
  pry
  pry-byebug
  pry-remote
  pry-stack_explorer
  pushmeup
  quiet_assets
  rabl
  rails (= 3.2.19)
  rake (~> 10.3.2)
  rb-readline
  redactor-rails
  remotipart (~> 1.2)
  resque!
  resque-loner
  resque-status
  rmagick
  rqrcode
  rspec-expectations
  rspec-rails
  ruby-progressbar
  rufus-scheduler (~> 2.0.24)
  sass-rails (~> 3.2.3)
  shoulda-matchers
  sidekiq
  similar_text (~> 0.0.4)
  slim-rails
  spring
  spring-commands-rspec
  test-unit
  therubyracer
  thin
  twitter
  twitter-bootstrap-rails
  uglifier (>= 1.0.3)
  underscore-rails
  unicorn
  vidibus-routing_error
  whenever
  wicked
  wicked_pdf
  wkhtmltopdf-binary
  word-count-validator (~> 1.0.0)

RUBY VERSION
   ruby 2.1.2p95

BUNDLED WITH
   1.13.6
